GEM
  remote: http://rubygems.org/
  specs:
    facets (2.8.4)
    ffi (0.6.3)
      rake (>= 0.8.7)
    mocha (0.9.8)
      rake
    nice-ffi (0.4)
      ffi (>= 0.5.0)
    rake (0.8.7)
    rspec (1.3.1)
    ruby-sdl-ffi (0.3)
      nice-ffi (>= 0.2)
    rubygame (2.6.4)
      rake (>= 0.7.0)
      ruby-sdl-ffi (>= 0.1.0)

PLATFORMS
  ruby

DEPENDENCIES
  facets (~> 2.8)
  mocha
  rspec (~> 1.3.0)
  rubygame (~> 2.6)
