GEM
  remote: http://rubygems.org/
  specs:
    facets (2.9.2)
    ffi (1.0.9)
    metaclass (0.0.1)
    mocha (0.10.0)
      metaclass (~> 0.0.1)
    nice-ffi (0.4)
      ffi (>= 0.5.0)
    rake (0.9.2)
    rspec (1.3.2)
    ruby-sdl-ffi (0.4)
      nice-ffi (>= 0.2)
    rubygame (2.6.4)
      rake (>= 0.7.0)
      ruby-sdl-ffi (>= 0.1.0)

PLATFORMS
  ruby

DEPENDENCIES
  facets
  mocha
  rspec (~> 1.3.0)
  rubygame (~> 2.6)
